GEM
  specs:
    docile (1.3.2)
    rspec-core (3.9.2)
      rspec-support (~> 3.9.3)
    rspec-support (3.9.3)
    simplecov (0.18.5)
      docile (~> 1.1)
      simplecov-html (~> 0.11)
    simplecov-html (0.12.2)

PLATFORMS
  ruby

DEPENDENCIES
  rspec-core (~> 3.9)
  simplecov

BUNDLED WITH
   2.1.4
